PATH
  remote: .
  specs:
    ssrf_proxy (0.0.4.pre)
      base32 (~> 0.3)
      celluloid (~> 0.17.3)
      celluloid-io (~> 0.17.3)
      colorize (~> 0.8)
      htmlentities (~> 4.3)
      ipaddress (~> 0.8)
      logger (~> 1.2)
      socksify (~> 1.7)
      webrick (~> 1.3)

GEM
  remote: https://rubygems.org/
  specs:
    ast (2.3.0)
    base32 (0.3.2)
    bundler-audit (0.6.0)
      bundler (~> 1.2)
      thor (~> 0.18)
    celluloid (0.17.3)
      celluloid-essentials
      celluloid-extras
      celluloid-fsm
      celluloid-pool
      celluloid-supervision
      timers (>= 4.1.1)
    celluloid-essentials (0.20.5)
      timers (>= 4.1.1)
    celluloid-extras (0.20.5)
      timers (>= 4.1.1)
    celluloid-fsm (0.20.5)
      timers (>= 4.1.1)
    celluloid-io (0.17.3)
      celluloid (>= 0.17.2)
      nio4r (>= 1.1)
      timers (>= 4.1.1)
    celluloid-pool (0.20.5)
      timers (>= 4.1.1)
    celluloid-supervision (0.20.6)
      timers (>= 4.1.1)
    colorize (0.8.1)
    coveralls (0.8.21)
      json (>= 1.8, < 3)
      simplecov (~> 0.14.1)
      term-ansicolor (~> 1.3)
      thor (~> 0.19.4)
      tins (~> 1.6)
    docile (1.1.5)
    ethon (0.11.0)
      ffi (>= 1.3.0)
    ffi (1.9.18)
    hitimes (1.2.6)
    htmlentities (4.3.4)
    ipaddress (0.8.3)
    json (2.1.0)
    logger (1.2.8)
    minitest (5.10.3)
    nio4r (2.1.0)
    parallel (1.12.0)
    parser (2.4.0.2)
      ast (~> 2.3)
    powerpack (0.1.1)
    rainbow (2.2.2)
      rake
    rake (12.3.0)
    rdoc (6.0.0)
    rubocop (0.51.0)
      parallel (~> 1.10)
      parser (>= 2.3.3.1, < 3.0)
      powerpack (~> 0.1)
      rainbow (>= 2.2.2, < 3.0)
      ruby-progressbar (~> 1.7)
      unicode-display_width (~> 1.0, >= 1.0.1)
    ruby-progressbar (1.9.0)
    simplecov (0.14.1)
      docile (~> 1.1.0)
      json (>= 1.8, < 3)
      simplecov-html (~> 0.10.0)
    simplecov-html (0.10.2)
    socksify (1.7.1)
    term-ansicolor (1.6.0)
      tins (~> 1.0)
    terminal-table (1.8.0)
      unicode-display_width (~> 1.1, >= 1.1.1)
    thor (0.19.4)
    timers (4.1.2)
      hitimes
    tins (1.16.3)
    typhoeus (1.3.0)
      ethon (>= 0.9.0)
    unicode-display_width (1.3.0)
    webrick (1.3.1)
    yard (0.9.12)

PLATFORMS
  ruby

DEPENDENCIES
  bundler
  bundler-audit (~> 0.5)
  coveralls (~> 0.8)
  minitest (~> 5.0)
  rake (~> 12.0)
  rdoc (~> 6.0)
  rubocop (~> 0.51)
  simplecov (~> 0.12)
  ssrf_proxy!
  terminal-table (~> 1.6)
  typhoeus (~> 1.3)
  yard (~> 0.9)

BUNDLED WITH
   1.16.0
