PATH
  remote: .
  specs:
    ssrf_proxy (0.0.3.pre)
      base32
      celluloid (>= 0.17.3)
      celluloid-io (>= 0.17.3)
      colorize
      ipaddress
      logger
      webrick

GEM
  remote: https://rubygems.org/
  specs:
    ast (2.2.0)
    base32 (0.3.2)
    bundler-audit (0.5.0)
      bundler (~> 1.2)
      thor (~> 0.18)
    celluloid (0.17.3)
      celluloid-essentials
      celluloid-extras
      celluloid-fsm
      celluloid-pool
      celluloid-supervision
      timers (>= 4.1.1)
    celluloid-essentials (0.20.5)
      timers (>= 4.1.1)
    celluloid-extras (0.20.5)
      timers (>= 4.1.1)
    celluloid-fsm (0.20.5)
      timers (>= 4.1.1)
    celluloid-io (0.17.3)
      celluloid (>= 0.17.2)
      nio4r (>= 1.1)
      timers (>= 4.1.1)
    celluloid-pool (0.20.5)
      timers (>= 4.1.1)
    celluloid-supervision (0.20.5)
      timers (>= 4.1.1)
    colorize (0.7.7)
    ethon (0.8.1)
      ffi (>= 1.3.0)
    ffi (1.9.10)
    hitimes (1.2.3)
    ipaddress (0.8.3)
    json (1.8.3)
    logger (1.2.8)
    minitest (5.8.4)
    nio4r (1.2.1)
    parser (2.1.9)
      ast (>= 1.1, < 3.0)
      slop (~> 3.4, >= 3.4.5)
    powerpack (0.0.9)
    rainbow (2.1.0)
    rake (10.5.0)
    rubocop (0.23.0)
      json (>= 1.7.7, < 2)
      parser (~> 2.1.9)
      powerpack (~> 0.0.6)
      rainbow (>= 1.99.1, < 3.0)
      ruby-progressbar (~> 1.4)
    ruby-progressbar (1.7.5)
    slop (3.6.0)
    thor (0.19.1)
    timers (4.1.1)
      hitimes
    typhoeus (1.0.1)
      ethon (>= 0.8.0)
    webrick (1.3.1)

PLATFORMS
  ruby

DEPENDENCIES
  bundler (~> 1.8)
  bundler-audit
  minitest (~> 5.0)
  rake (~> 10.0)
  rubocop (~> 0.23.0)
  ssrf_proxy!
  typhoeus
