PATH
  remote: .
  specs:
    ssrf_proxy (0.0.3.pre)
      base32
      celluloid (>= 0.17.3)
      celluloid-io (>= 0.17.3)
      colorize
      htmlentities
      ipaddress
      logger
      webrick

GEM
  remote: https://rubygems.org/
  specs:
    ast (2.2.0)
    base32 (0.3.2)
    bundler-audit (0.5.0)
      bundler (~> 1.2)
      thor (~> 0.18)
    celluloid (0.17.3)
      celluloid-essentials
      celluloid-extras
      celluloid-fsm
      celluloid-pool
      celluloid-supervision
      timers (>= 4.1.1)
    celluloid-essentials (0.20.5)
      timers (>= 4.1.1)
    celluloid-extras (0.20.5)
      timers (>= 4.1.1)
    celluloid-fsm (0.20.5)
      timers (>= 4.1.1)
    celluloid-io (0.17.3)
      celluloid (>= 0.17.2)
      nio4r (>= 1.1)
      timers (>= 4.1.1)
    celluloid-pool (0.20.5)
      timers (>= 4.1.1)
    celluloid-supervision (0.20.5)
      timers (>= 4.1.1)
    colorize (0.7.7)
    coveralls (0.8.13)
      json (~> 1.8)
      simplecov (~> 0.11.0)
      term-ansicolor (~> 1.3)
      thor (~> 0.19.1)
      tins (~> 1.6.0)
    docile (1.1.5)
    ethon (0.9.0)
      ffi (>= 1.3.0)
    ffi (1.9.10)
    hitimes (1.2.3)
    htmlentities (4.3.4)
    ipaddress (0.8.3)
    json (1.8.3)
    logger (1.2.8)
    minitest (5.8.4)
    nio4r (1.2.1)
    parser (2.3.1.0)
      ast (~> 2.2)
    powerpack (0.1.1)
    rainbow (2.1.0)
    rake (11.1.2)
    rdoc (4.2.2)
      json (~> 1.4)
    rubocop (0.39.0)
      parser (>= 2.3.0.7, < 3.0)
      powerpack (~> 0.1)
      rainbow (>= 1.99.1, < 3.0)
      ruby-progressbar (~> 1.7)
      unicode-display_width (~> 1.0, >= 1.0.1)
    ruby-progressbar (1.8.0)
    simplecov (0.11.1)
      docile (~> 1.1.0)
      json (~> 1.8)
      simplecov-html (~> 0.10.0)
    simplecov-html (0.10.0)
    term-ansicolor (1.3.2)
      tins (~> 1.0)
    thor (0.19.1)
    timers (4.1.1)
      hitimes
    tins (1.6.0)
    typhoeus (1.0.2)
      ethon (>= 0.9.0)
    unicode-display_width (1.0.3)
    webrick (1.3.1)

PLATFORMS
  ruby

DEPENDENCIES
  bundler (>= 1.8)
  bundler-audit (>= 0.5)
  coveralls
  minitest (>= 5.0)
  rake (>= 11.0)
  rdoc
  rubocop (>= 0.23.0)
  simplecov
  ssrf_proxy!
  typhoeus

BUNDLED WITH
   1.11.2
