PATH
  remote: .
  specs:
    ssrf_proxy (0.0.2)
      celluloid (>= 0.17.1)
      celluloid-io (>= 0.17.1)
      colorize
      ipaddress
      logger
      webrick

GEM
  remote: https://rubygems.org/
  specs:
    bundler-audit (0.4.0)
      bundler (~> 1.2)
      thor (~> 0.18)
    celluloid (0.17.2)
      celluloid-essentials
      celluloid-extras
      celluloid-fsm
      celluloid-pool
      celluloid-supervision
      timers (>= 4.1.1)
    celluloid-essentials (0.20.5)
      timers (>= 4.1.1)
    celluloid-extras (0.20.5)
      timers (>= 4.1.1)
    celluloid-fsm (0.20.5)
      timers (>= 4.1.1)
    celluloid-io (0.17.2)
      celluloid (>= 0.17.2)
      nio4r (>= 1.1)
      timers (>= 4.1.1)
    celluloid-pool (0.20.5)
      timers (>= 4.1.1)
    celluloid-supervision (0.20.5)
      timers (>= 4.1.1)
    colorize (0.7.7)
    hitimes (1.2.3)
    ipaddress (0.8.0)
    logger (1.2.8)
    nio4r (1.1.1)
    rake (10.4.2)
    thor (0.19.1)
    timers (4.1.1)
      hitimes
    webrick (1.3.1)

PLATFORMS
  ruby

DEPENDENCIES
  bundler (~> 1.8)
  bundler-audit
  rake (~> 10.0)
  ssrf_proxy!
